GIT
  remote: https://github.com/steem-third-party/steemdata-rb.git
  revision: b98b24bf6ec62cf125a46a60c0d23fbc10152103
  specs:
    steemdata-rb (0.0.1f)
      mongoid (~> 6.1, >= 6.1.0)

GEM
  remote: https://rubygems.org/
  remote: https://rails-assets.org/
  specs:
    actioncable (5.1.1)
      actionpack (= 5.1.1)
      nio4r (~> 2.0)
      websocket-driver (~> 0.6.1)
    actionmailer (5.1.1)
      actionpack (= 5.1.1)
      actionview (= 5.1.1)
      activejob (= 5.1.1)
      mail (~> 2.5, >= 2.5.4)
      rails-dom-testing (~> 2.0)
    actionpack (5.1.1)
      actionview (= 5.1.1)
      activesupport (= 5.1.1)
      rack (~> 2.0)
      rack-test (~> 0.6.3)
      rails-dom-testing (~> 2.0)
      rails-html-sanitizer (~> 1.0, >= 1.0.2)
    actionview (5.1.1)
      activesupport (= 5.1.1)
      builder (~> 3.1)
      erubi (~> 1.4)
      rails-dom-testing (~> 2.0)
      rails-html-sanitizer (~> 1.0, >= 1.0.3)
    activejob (5.1.1)
      activesupport (= 5.1.1)
      globalid (>= 0.3.6)
    activemodel (5.1.1)
      activesupport (= 5.1.1)
    activerecord (5.1.1)
      activemodel (= 5.1.1)
      activesupport (= 5.1.1)
      arel (~> 8.0)
    activesupport (5.1.1)
      concurrent-ruby (~> 1.0, >= 1.0.2)
      i18n (~> 0.7)
      minitest (~> 5.1)
      tzinfo (~> 1.1)
    addressable (2.5.1)
      public_suffix (~> 2.0, >= 2.0.2)
    ai4r (1.13)
    angular-ui-bootstrap-rails (2.4.0)
    arel (8.0.0)
    better_errors (2.1.1)
      coderay (>= 1.0.0)
      erubis (>= 2.6.6)
      rack (>= 0.9.0)
    binding_of_caller (0.7.2)
      debug_inspector (>= 0.0.1)
    bitcoin-ruby (0.0.10)
    bootstrap-glyphicons (0.0.1)
      railties (>= 3.0)
      sass (>= 3.2)
    bootstrap-will_paginate (1.0.0)
      will_paginate
    bson (4.2.1)
    builder (3.2.3)
    byebug (9.0.6)
    capybara (2.14.3)
      addressable
      mime-types (>= 1.16)
      nokogiri (>= 1.3.3)
      rack (>= 1.0.0)
      rack-test (>= 0.5.4)
      xpath (~> 2.0)
    capybara-angular (0.2.5)
      capybara (>= 2.5.0)
    capybara-screenshot (1.0.14)
      capybara (>= 1.0, < 3)
      launchy
    cliver (0.3.2)
    codeclimate-test-reporter (1.0.8)
      simplecov (<= 0.13)
    coderay (1.1.1)
    coffee-rails (4.2.2)
      coffee-script (>= 2.2.0)
      railties (>= 4.0.0)
    coffee-script (2.4.1)
      coffee-script-source
      execjs
    coffee-script-source (1.12.2)
    concurrent-ruby (1.0.5)
    crack (0.4.3)
      safe_yaml (~> 1.0.0)
    debug_inspector (0.0.3)
    docile (1.1.5)
    erubi (1.6.0)
    erubis (2.7.0)
    execjs (2.7.0)
    fast_stack (0.2.0)
    ffi (1.9.18)
    flamegraph (0.9.5)
    globalid (0.4.0)
      activesupport (>= 4.2.0)
    haml (5.0.1)
      temple (>= 0.8.0)
      tilt
    hashdiff (0.3.4)
    hashie (3.5.5)
    i18n (0.8.4)
    imgkit (1.6.1)
    jbuilder (2.7.0)
      activesupport (>= 4.2.0)
      multi_json (>= 1.2)
    json (1.8.6)
    kaminari (0.15.0)
      actionpack (>= 3.0.0)
      activesupport (>= 3.0.0)
    launchy (2.4.3)
      addressable (~> 2.3)
    listen (3.1.5)
      rb-fsevent (~> 0.9, >= 0.9.4)
      rb-inotify (~> 0.9, >= 0.9.7)
      ruby_dep (~> 1.2)
    little-plugger (1.1.4)
    logging (2.2.2)
      little-plugger (~> 1.1)
      multi_json (~> 1.10)
    loofah (2.0.3)
      nokogiri (>= 1.5.9)
    mail (2.6.6)
      mime-types (>= 1.16, < 4)
    method_source (0.8.2)
    mime-types (3.1)
      mime-types-data (~> 3.2015)
    mime-types-data (3.2016.0521)
    mini_portile2 (2.2.0)
    minitest (5.10.2)
    minitest-line (0.6.4)
      minitest (~> 5.0)
    mongo (2.4.2)
      bson (>= 4.2.1, < 5.0.0)
    mongoid (6.2.0)
      activemodel (~> 5.1)
      mongo (>= 2.4.1, < 3.0.0)
    multi_json (1.12.1)
    net-http-persistent (2.9.4)
    nio4r (2.1.0)
    nokogiri (1.8.0)
      mini_portile2 (~> 2.2.0)
    phantomjs (2.1.1.0)
    poltergeist (1.13.0)
      capybara (~> 2.1)
      cliver (~> 0.3.1)
      websocket-driver (>= 0.2.0)
    pry (0.10.4)
      coderay (~> 1.1.0)
      method_source (~> 0.8.1)
      slop (~> 3.4)
    pry-rails (0.3.6)
      pry (>= 0.10.4)
    public_suffix (2.0.5)
    puma (3.9.1)
    rack (2.0.3)
    rack-mini-profiler (0.10.5)
      rack (>= 1.2.0)
    rack-test (0.6.3)
      rack (>= 1.0)
    radiator (0.2.2)
      bitcoin-ruby (= 0.0.10)
      ffi (= 1.9.18)
      hashie (~> 3.5, >= 3.5.5)
      json (~> 1.8, >= 1.8.6)
      logging (~> 2.2, >= 2.2.0)
      net-http-persistent (~> 2.9, >= 2.9.4)
    rails (5.1.1)
      actioncable (= 5.1.1)
      actionmailer (= 5.1.1)
      actionpack (= 5.1.1)
      actionview (= 5.1.1)
      activejob (= 5.1.1)
      activemodel (= 5.1.1)
      activerecord (= 5.1.1)
      activesupport (= 5.1.1)
      bundler (>= 1.3.0, < 2.0)
      railties (= 5.1.1)
      sprockets-rails (>= 2.0.0)
    rails-assets-angular (1.5.11)
    rails-assets-angular-flash-alert (1.1.1)
      rails-assets-angular (>= 1.2.0)
    rails-assets-bootstrap (4.0.0.alpha.6)
      rails-assets-jquery (>= 1.9.1)
      rails-assets-tether (>= 1.4.0, < 2)
    rails-assets-jquery (2.2.4)
    rails-assets-jquery-ujs (1.2.2)
      rails-assets-jquery (> 1.8)
    rails-assets-nprogress (0.2.0)
    rails-assets-tether (1.4.0)
    rails-controller-testing (1.0.2)
      actionpack (~> 5.x, >= 5.0.1)
      actionview (~> 5.x, >= 5.0.1)
      activesupport (~> 5.x)
    rails-dom-testing (2.0.3)
      activesupport (>= 4.2.0)
      nokogiri (>= 1.6)
    rails-html-sanitizer (1.0.3)
      loofah (~> 2.0)
    railties (5.1.1)
      actionpack (= 5.1.1)
      activesupport (= 5.1.1)
      method_source
      rake (>= 0.8.7)
      thor (>= 0.18.1, < 2.0)
    rake (12.0.0)
    rb-fsevent (0.9.8)
    rb-inotify (0.9.10)
      ffi (>= 0.5.0, < 2)
    rdiscount (2.2.0.1)
    ruby_dep (1.5.0)
    safe_yaml (1.0.4)
    sass (3.4.24)
    sass-rails (5.0.6)
      railties (>= 4.0.0, < 6)
      sass (~> 3.1)
      sprockets (>= 2.8, < 4.0)
      sprockets-rails (>= 2.0, < 4.0)
      tilt (>= 1.1, < 3)
    simplecov (0.13.0)
      docile (~> 1.1.0)
      json (>= 1.8, < 3)
      simplecov-html (~> 0.10.0)
    simplecov-html (0.10.1)
    slop (3.6.0)
    spring (2.0.2)
      activesupport (>= 4.2)
    spring-watcher-listen (2.0.1)
      listen (>= 2.7, < 4.0)
      spring (>= 1.2, < 3.0)
    sprockets (3.7.1)
      concurrent-ruby (~> 1.0)
      rack (> 1, < 3)
    sprockets-rails (3.2.0)
      actionpack (>= 4.0)
      activesupport (>= 4.0)
      sprockets (>= 3.0.0)
    temple (0.8.0)
    thor (0.19.4)
    thread_safe (0.3.6)
    tilt (2.0.7)
    turbolinks (5.0.1)
      turbolinks-source (~> 5)
    turbolinks-source (5.0.3)
    tzinfo (1.2.3)
      thread_safe (~> 0.1)
    uglifier (3.2.0)
      execjs (>= 0.3.0, < 3)
    vcr (3.0.3)
    webmock (3.0.1)
      addressable (>= 2.3.6)
      crack (>= 0.3.2)
      hashdiff
    websocket-driver (0.6.5)
      websocket-extensions (>= 0.1.0)
    websocket-extensions (0.1.2)
    will_paginate (3.1.5)
    wkhtmltoimage-binary (0.12.4)
    xpath (2.1.0)
      nokogiri (~> 1.3)

PLATFORMS
  ruby

DEPENDENCIES
  ai4r
  angular-ui-bootstrap-rails
  better_errors
  binding_of_caller
  bootstrap-glyphicons (~> 0.0.1)
  bootstrap-will_paginate
  byebug
  capybara-angular
  capybara-screenshot
  codeclimate-test-reporter
  coffee-rails (~> 4.2)
  fast_stack
  flamegraph
  haml
  imgkit
  jbuilder (~> 2.5)
  kaminari
  listen
  minitest
  minitest-line
  phantomjs
  poltergeist (~> 1.13.0)
  pry-rails
  puma (~> 3.0)
  rack-mini-profiler
  radiator
  rails (~> 5.1.1)
  rails-assets-angular (~> 1.5.7)!
  rails-assets-angular-flash-alert (~> 1.1.1)!
  rails-assets-bootstrap (~> 4.0.0.alpha.6)!
  rails-assets-jquery (~> 2.2.4)!
  rails-assets-jquery-ujs (~> 1.2.0)!
  rails-assets-nprogress (~> 0.2.0)!
  rails-assets-tether (>= 1.3.2)!
  rails-controller-testing
  rdiscount
  sass-rails (~> 5.0)
  simplecov
  spring
  spring-watcher-listen (~> 2.0.0)
  steemdata-rb!
  turbolinks (~> 5)
  tzinfo-data
  uglifier (>= 1.3.0)
  vcr
  webmock
  will_paginate
  wkhtmltoimage-binary

BUNDLED WITH
   1.14.6
